PATH
  remote: .
  specs:
    intention-validation (0.1.0)

PATH
  remote: /Users/luke/code/intention/intention-access
  specs:
    intention-access (0.1.0)

PATH
  remote: /Users/luke/code/intention/intention-core
  specs:
    intention-core (0.1.0)

PATH
  remote: /Users/luke/code/intention/intention-support
  specs:
    intention-support (0.1.0)
      middleware (= 0.1.0)

GEM
  remote: https://rubygems.org/
  specs:
    diff-lcs (1.5.0)
    middleware (0.1.0)
    rspec (3.12.0)
      rspec-core (~> 3.12.0)
      rspec-expectations (~> 3.12.0)
      rspec-mocks (~> 3.12.0)
    rspec-core (3.12.2)
      rspec-support (~> 3.12.0)
    rspec-expectations (3.12.3)
      diff-lcs (>= 1.2.0, < 2.0)
      rspec-support (~> 3.12.0)
    rspec-mocks (3.12.6)
      diff-lcs (>= 1.2.0, < 2.0)
      rspec-support (~> 3.12.0)
    rspec-support (3.12.1)

PLATFORMS
  arm64-darwin-23

DEPENDENCIES
  intention-access!
  intention-core!
  intention-support!
  intention-validation!
  rspec (~> 3.4)

BUNDLED WITH
   2.4.20
